NUGET
  remote: https://www.nuget.org/api/v2
  specs:
    FSharp.Core (4.0.0.1) - redirects: force
    FSharp.Data (2.2.5)
      Zlib.Portable (>= 1.10.0) - framework: portable-net40+sl50+wp80+win80
    FSharpLint (0.2.7)
    FsUnit (1.4.1)
      FSharp.Core (>= 3.1.2.5)
      NUnit (2.6.4)
    Http.fs-prerelease (2.4.1)
      FSharp.Core (>= 3.1.2.1)
    NuGet.CommandLine (3.3.0)
    NUnit (2.6.4)
    Zlib.Portable (1.11.0) - framework: portable-net40+sl50+wp80+win80
