NUGET
  remote: https://www.nuget.org/api/v2
  specs:
    FSharp.Core (3.1.2.1)
    FSharp.Data (2.2.5) - framework: >= net461
    FSharpLint (0.2.7)
    FsUnit (1.3.1)
      NUnit (2.6.4)
    Http.fs-prerelease (2.4.1)
      FSharp.Core (>= 3.1.2.1)
    NuGet.CommandLine (3.3.0)
    NUnit (2.6.4)
