NUGET
  remote: https://www.nuget.org/api/v2
  specs:
    FSharp.Core (4.0.0.1) - framework: >= net451
    FSharp.Data (2.2.5) - framework: >= net451
    FsUnit (1.3.1) - framework: >= net451
      NUnit (2.6.4)
    Http.fs (1.5.1) - framework: >= net45
    NuGet.CommandLine (3.3.0)
    NUnit (2.6.4) - framework: >= net451
